GEM
  remote: https://rubygems.org/
  specs:
    beefcake (1.0.0)
    cert_validator (0.0.1)
    i18n (0.7.0.beta1)
    innertube (1.0.2)
    macaddr (1.7.1)
      systemu (~> 2.6.2)
    multi_json (1.10.1)
    rack (1.5.2)
    rack-protection (1.5.3)
      rack
    riak-client (2.0.0)
      beefcake (~> 1.0)
      cert_validator (~> 0.0.1)
      i18n (>= 0.4.0)
      innertube (~> 1.0.2)
      multi_json (~> 1.0)
    sinatra (1.4.5)
      rack (~> 1.4)
      rack-protection (~> 1.4)
      tilt (~> 1.3, >= 1.3.4)
    systemu (2.6.4)
    tilt (1.4.1)
    uuid (2.3.7)
      macaddr (~> 1.0)

PLATFORMS
  ruby

DEPENDENCIES
  riak-client
  sinatra
  uuid
